GEM
  remote: https://rubygems.org/
  specs:
    em-synchrony (1.0.3)
      eventmachine (>= 1.0.0.beta.1)
    eventmachine (1.0.3)
    faye-websocket (0.7.2)
      eventmachine (>= 0.12.0)
      websocket-driver (>= 0.3.1)
    kgio (2.8.1)
    rack (1.5.2)
    rack-protection (1.5.1)
      rack
    rack-stream (0.0.5)
      em-synchrony
      eventmachine
      faye-websocket
      rack
    raindrops (0.12.0)
    sinatra (1.4.4)
      rack (~> 1.4)
      rack-protection (~> 1.4)
      tilt (~> 1.3, >= 1.3.4)
    tilt (1.4.1)
    unicorn (4.7.0)
      kgio (~> 2.6)
      rack
      raindrops (~> 0.7)
    websocket-driver (0.3.2)

PLATFORMS
  ruby

DEPENDENCIES
  rack-stream
  sinatra
  unicorn
